GIT
  remote: git://github.com/HipByte/motion-cocoapods.git
  revision: 38fa4239f74806fcda072a5b896a89bae47cec12
  ref: 38fa423
  specs:
    motion-cocoapods (1.5.0)
      cocoapods (>= 0.32.1)

GIT
  remote: git://github.com/clemenshelm/motion-ocr.git
  revision: 9eedb9f1befd20e8d50e8d79f04d0f0f926a7a2f
  specs:
    motion-ocr (0.0.1)

GIT
  remote: git://github.com/clemenshelm/wakizashi.git
  revision: 575db0eada3f12ccd0e525d0ad33e0b32e824ae9
  specs:
    wakizashi (0.1.1)
      motion-cocoapods (>= 1.0.1)

GEM
  remote: https://rubygems.org/
  specs:
    ProMotion (2.0.0.rc4)
      methadone (~> 1.4)
    activesupport (3.2.19)
      i18n (~> 0.6, >= 0.6.4)
      multi_json (~> 1.0)
    celluloid (0.15.2)
      timers (~> 1.1.0)
    claide (0.6.1)
    cocoapods (0.33.1)
      activesupport (>= 3.2.15, < 4)
      claide (~> 0.6.1)
      cocoapods-core (= 0.33.1)
      cocoapods-downloader (~> 0.6.1)
      cocoapods-plugins (~> 0.2.0)
      cocoapods-trunk (~> 0.1.1)
      cocoapods-try (~> 0.3.0)
      colored (~> 1.2)
      escape (~> 0.0.4)
      json_pure (~> 1.8)
      nap (~> 0.7)
      open4 (~> 1.3)
      xcodeproj (~> 0.17.0)
    cocoapods-core (0.33.1)
      activesupport (>= 3.2.15)
      fuzzy_match (~> 2.0.4)
      json_pure (~> 1.8)
      nap (~> 0.5)
    cocoapods-downloader (0.6.1)
    cocoapods-plugins (0.2.0)
      nap
    cocoapods-trunk (0.1.4)
      json_pure (~> 1.8)
      nap (>= 0.6)
      netrc
    cocoapods-try (0.3.0)
    coderay (1.1.0)
    colored (1.2)
    dbt (1.1.5)
    escape (0.0.4)
    ffi (1.9.3)
    formatador (0.2.5)
    fuzzy_match (2.0.4)
    guard (2.6.1)
      formatador (>= 0.2.4)
      listen (~> 2.7)
      lumberjack (~> 1.0)
      pry (>= 0.9.12)
      thor (>= 0.18.1)
    guard-test (2.0.5)
      guard (~> 2.0)
      test-unit (~> 2.2)
    i18n (0.6.9)
    json_pure (1.8.1)
    listen (2.7.9)
      celluloid (>= 0.15.2)
      rb-fsevent (>= 0.9.3)
      rb-inotify (>= 0.9)
    lumberjack (1.0.9)
    methadone (1.4.0)
      bundler
    method_source (0.8.2)
    motion-kit (0.10.8)
      dbt (~> 1.1.5)
    motion-redgreen (0.1.0)
    multi_json (1.10.1)
    nap (0.8.0)
    netrc (0.7.7)
    open4 (1.3.4)
    pry (0.10.0)
      coderay (~> 1.1.0)
      method_source (~> 0.8.1)
      slop (~> 3.4)
    rake (10.3.2)
    rb-fsevent (0.9.4)
    rb-inotify (0.9.5)
      ffi (>= 0.5.0)
    slop (3.5.0)
    sugarcube (1.7.0)
    test-unit (2.5.5)
    thor (0.19.1)
    timers (1.1.0)
    vector2d (2.0.2)
    xcodeproj (0.17.0)
      activesupport (~> 3.0)
      colored (~> 1.2)

PLATFORMS
  ruby

DEPENDENCIES
  ProMotion (= 2.0.0.rc4)
  cocoapods
  guard
  guard-test
  motion-cocoapods!
  motion-kit (~> 0.10)
  motion-ocr!
  motion-redgreen
  rake
  sugarcube
  vector2d (~> 2.0.2)
  wakizashi!
